GEM
  remote: https://rubygems.org/
  specs:
    httparty (0.13.7)
      json (~> 1.8)
      multi_xml (>= 0.5.2)
    json (1.8.3)
    multi_xml (0.5.5)
    themoviedb (1.0.1)
      httparty

PLATFORMS
  ruby

DEPENDENCIES
  themoviedb

BUNDLED WITH
   1.11.2
