GEM
  remote: https://rubygems.org/
  specs:
    chronic (0.10.2)
    httparty (0.13.7)
      json (~> 1.8)
      multi_xml (>= 0.5.2)
    json (1.8.3)
    multi_xml (0.5.5)
    rake (10.5.0)
    themoviedb (1.0.1)
      httparty
    whenever (0.9.4)
      chronic (>= 0.6.3)

PLATFORMS
  ruby

DEPENDENCIES
  rake
  themoviedb
  whenever

BUNDLED WITH
   1.11.2
